GIT
  remote: https://github.com/decidim/decidim.git
  revision: 317c6203883593b33c0ad1b91567a186bd5f3d09
  branch: master
  specs:
    decidim (0.8.0.pre.pre)
      decidim-accountability (= 0.8.0.pre.pre)
      decidim-admin (= 0.8.0.pre.pre)
      decidim-api (= 0.8.0.pre.pre)
      decidim-budgets (= 0.8.0.pre.pre)
      decidim-comments (= 0.8.0.pre.pre)
      decidim-core (= 0.8.0.pre.pre)
      decidim-meetings (= 0.8.0.pre.pre)
      decidim-pages (= 0.8.0.pre.pre)
      decidim-participatory_processes (= 0.8.0.pre.pre)
      decidim-proposals (= 0.8.0.pre.pre)
      decidim-surveys (= 0.8.0.pre.pre)
      decidim-system (= 0.8.0.pre.pre)
      decidim-verifications (= 0.8.0.pre.pre)
    decidim-accountability (0.8.0.pre.pre)
      decidim-comments (= 0.8.0.pre.pre)
      decidim-core (= 0.8.0.pre.pre)
      kaminari (~> 1.0.1)
      searchlight (~> 4.1.0)
    decidim-admin (0.8.0.pre.pre)
      active_link_to (~> 1.0.0)
      decidim-core (= 0.8.0.pre.pre)
      devise (~> 4.2)
      devise-i18n (~> 1.2.0)
      devise_invitable (~> 1.7.0)
      jquery-rails (~> 4.3.1)
      sassc-rails (~> 1.3.0)
      select2-rails (~> 4.0.3)
    decidim-api (0.8.0.pre.pre)
      graphiql-rails (~> 1.4.2, < 1.4.5)
      graphql (~> 1.6.0)
      rack-cors (~> 1.0.1)
      sprockets-es6 (~> 0.9.2)
    decidim-budgets (0.8.0.pre.pre)
      decidim-comments (= 0.8.0.pre.pre)
      decidim-core (= 0.8.0.pre.pre)
      kaminari (~> 1.0.1)
      searchlight (~> 4.1.0)
    decidim-comments (0.8.0.pre.pre)
      decidim-core (= 0.8.0.pre.pre)
      jquery-rails (~> 4.0)
    decidim-core (0.8.0.pre.pre)
      active_link_to (~> 1.0.4)
      autoprefixer-rails (~> 7.1.1)
      cancancan (~> 2.0.0)
      carrierwave (~> 1.1.0)
      date_validator (~> 0.9.0)
      decidim-api (= 0.8.0.pre.pre)
      devise (~> 4.3)
      devise-i18n (~> 1.2.0)
      file_validators (~> 2.1.0)
      foundation-rails (~> 6.4.1)
      foundation_rails_helper (~> 3.0.0)
      geocoder (~> 1.4.2)
      high_voltage (~> 3.0.0)
      invisible_captcha (~> 0.9.2)
      jquery-rails (~> 4.3.1)
      mini_magick (~> 4.8.0)
      omniauth (~> 1.6.1)
      omniauth-facebook (~> 4.0.0)
      omniauth-google-oauth2 (~> 0.5.0)
      omniauth-twitter (~> 1.4.0)
      paper_trail (~> 8.0.1)
      pg (~> 0.21.0)
      premailer-rails (~> 1.9.5)
      rails (~> 5.1.3)
      rails-i18n
      rectify (~> 0.10.0)
      redis (~> 3.2)
      rubyzip (= 1.2.1)
      sassc-rails (~> 1.3.0)
      select2-rails (~> 4.0.3)
      spreadsheet (~> 1.1)
      sprockets-es6 (~> 0.9.2)
      truncato (~> 0.7.10)
      valid_email2 (~> 2.1.1)
      wisper (~> 2.0.0)
    decidim-meetings (0.8.0.pre.pre)
      date_validator (~> 0.9)
      decidim-core (= 0.8.0.pre.pre)
      httparty (~> 0.15.0)
      icalendar (~> 2.4.1)
      jquery-tmpl-rails (~> 1.1.0)
      kaminari (~> 1.0.1)
      searchlight (~> 4.1.0)
    decidim-pages (0.8.0.pre.pre)
      decidim-core (= 0.8.0.pre.pre)
    decidim-participatory_processes (0.8.0.pre.pre)
      decidim-core (= 0.8.0.pre.pre)
    decidim-proposals (0.8.0.pre.pre)
      decidim-comments (= 0.8.0.pre.pre)
      decidim-core (= 0.8.0.pre.pre)
      kaminari (~> 1.0.1)
      social-share-button (~> 1.0.0)
    decidim-surveys (0.8.0.pre.pre)
      decidim-core (= 0.8.0.pre.pre)
      jquery-tmpl-rails (~> 1.1.0)
    decidim-system (0.8.0.pre.pre)
      active_link_to (~> 1.0.0)
      decidim-core (= 0.8.0.pre.pre)
      devise (~> 4.2)
      devise-i18n (~> 1.2.0)
      devise_invitable (~> 1.7.1)
      jquery-rails (~> 4.3.1)
      sassc-rails (~> 1.3.0)
    decidim-verifications (0.8.0.pre.pre)
      decidim-core (= 0.8.0.pre.pre)

GEM
  remote: https://rubygems.org/
  specs:
    actioncable (5.1.4)
      actionpack (= 5.1.4)
      nio4r (~> 2.0)
      websocket-driver (~> 0.6.1)
    actionmailer (5.1.4)
      actionpack (= 5.1.4)
      actionview (= 5.1.4)
      activejob (= 5.1.4)
      mail (~> 2.5, >= 2.5.4)
      rails-dom-testing (~> 2.0)
    actionpack (5.1.4)
      actionview (= 5.1.4)
      activesupport (= 5.1.4)
      rack (~> 2.0)
      rack-test (>= 0.6.3)
      rails-dom-testing (~> 2.0)
      rails-html-sanitizer (~> 1.0, >= 1.0.2)
    actionview (5.1.4)
      activesupport (= 5.1.4)
      builder (~> 3.1)
      erubi (~> 1.4)
      rails-dom-testing (~> 2.0)
      rails-html-sanitizer (~> 1.0, >= 1.0.3)
    active_link_to (1.0.5)
      actionpack
      addressable
    activejob (5.1.4)
      activesupport (= 5.1.4)
      globalid (>= 0.3.6)
    activemodel (5.1.4)
      activesupport (= 5.1.4)
    activerecord (5.1.4)
      activemodel (= 5.1.4)
      activesupport (= 5.1.4)
      arel (~> 8.0)
    activesupport (5.1.4)
      concurrent-ruby (~> 1.0, >= 1.0.2)
      i18n (~> 0.7)
      minitest (~> 5.1)
      tzinfo (~> 1.1)
    addressable (2.5.2)
      public_suffix (>= 2.0.2, < 4.0)
    arel (8.0.0)
    autoprefixer-rails (7.1.6)
      execjs
    axiom-types (0.1.1)
      descendants_tracker (~> 0.0.4)
      ice_nine (~> 0.11.0)
      thread_safe (~> 0.3, >= 0.3.1)
    babel-source (5.8.35)
    babel-transpiler (0.7.0)
      babel-source (>= 4.0, < 6)
      execjs (~> 2.0)
    bcrypt (3.1.11)
    bindex (0.5.0)
    builder (3.2.3)
    byebug (9.1.0)
    cancancan (2.0.0)
    carrierwave (1.1.0)
      activemodel (>= 4.0.0)
      activesupport (>= 4.0.0)
      mime-types (>= 1.16)
    coercible (1.0.0)
      descendants_tracker (~> 0.0.1)
    coffee-rails (4.2.2)
      coffee-script (>= 2.2.0)
      railties (>= 4.0.0)
    coffee-script (2.4.1)
      coffee-script-source
      execjs
    coffee-script-source (1.12.2)
    concurrent-ruby (1.0.5)
    connection_pool (2.2.1)
    crass (1.0.3)
    css_parser (1.6.0)
      addressable
    dalli (2.7.6)
    date_validator (0.9.0)
      activemodel
      activesupport
    descendants_tracker (0.0.4)
      thread_safe (~> 0.3, >= 0.3.1)
    devise (4.3.0)
      bcrypt (~> 3.0)
      orm_adapter (~> 0.1)
      railties (>= 4.1.0, < 5.2)
      responders
      warden (~> 1.2.3)
    devise-i18n (1.2.0)
    devise_invitable (1.7.2)
      actionmailer (>= 4.1.0)
      devise (>= 4.0.0)
    equalizer (0.0.11)
    erubi (1.7.0)
    excon (0.59.0)
    execjs (2.7.0)
    faker (1.8.4)
      i18n (~> 0.5)
    faraday (0.12.2)
      multipart-post (>= 1.2, < 3)
    ffi (1.9.18)
    file_validators (2.1.0)
      activemodel (>= 3.0)
      mime-types (>= 1.0)
    fog-aws (2.0.0)
      fog-core (~> 1.38)
      fog-json (~> 1.0)
      fog-xml (~> 0.1)
      ipaddress (~> 0.8)
    fog-core (1.45.0)
      builder
      excon (~> 0.58)
      formatador (~> 0.2)
    fog-json (1.0.2)
      fog-core (~> 1.0)
      multi_json (~> 1.10)
    fog-xml (0.1.3)
      fog-core
      nokogiri (>= 1.5.11, < 2.0.0)
    formatador (0.2.5)
    foundation-rails (6.4.1.3)
      railties (>= 3.1.0)
      sass (>= 3.3.0, < 3.5)
      sprockets-es6 (>= 0.9.0)
    foundation_rails_helper (3.0.0)
      actionpack (>= 4.1, < 6.0)
      activemodel (>= 4.1, < 6.0)
      activesupport (>= 4.1, < 6.0)
      railties (>= 4.1, < 6.0)
      tzinfo (~> 1.2, >= 1.2.2)
    geocoder (1.4.5)
    globalid (0.4.1)
      activesupport (>= 4.2.0)
    graphiql-rails (1.4.4)
      rails
    graphql (1.6.8)
    hashie (3.5.6)
    high_voltage (3.0.0)
    htmlentities (4.3.4)
    httparty (0.15.6)
      multi_xml (>= 0.5.2)
    i18n (0.9.1)
      concurrent-ruby (~> 1.0)
    icalendar (2.4.1)
    ice_nine (0.11.2)
    invisible_captcha (0.9.3)
      rails (>= 3.2.0)
    ipaddress (0.8.3)
    jquery-rails (4.3.1)
      rails-dom-testing (>= 1, < 3)
      railties (>= 4.2.0)
      thor (>= 0.14, < 2.0)
    jquery-tmpl-rails (1.1.0)
      rails (>= 3.1.0)
    jwt (1.5.6)
    kaminari (1.0.1)
      activesupport (>= 4.1.0)
      kaminari-actionview (= 1.0.1)
      kaminari-activerecord (= 1.0.1)
      kaminari-core (= 1.0.1)
    kaminari-actionview (1.0.1)
      actionview
      kaminari-core (= 1.0.1)
    kaminari-activerecord (1.0.1)
      activerecord
      kaminari-core (= 1.0.1)
    kaminari-core (1.0.1)
    launchy (2.4.3)
      addressable (~> 2.3)
    letter_opener (1.4.1)
      launchy (~> 2.2)
    letter_opener_web (1.3.1)
      actionmailer (>= 3.2)
      letter_opener (~> 1.0)
      railties (>= 3.2)
    listen (3.1.5)
      rb-fsevent (~> 0.9, >= 0.9.4)
      rb-inotify (~> 0.9, >= 0.9.7)
      ruby_dep (~> 1.2)
    lograge (0.7.1)
      actionpack (>= 4, < 5.2)
      activesupport (>= 4, < 5.2)
      railties (>= 4, < 5.2)
      request_store (~> 1.0)
    loofah (2.1.1)
      crass (~> 1.0.2)
      nokogiri (>= 1.5.9)
    mail (2.7.0)
      mini_mime (>= 0.1.1)
    method_source (0.9.0)
    mime-types (3.1)
      mime-types-data (~> 3.2015)
    mime-types-data (3.2016.0521)
    mini_magick (4.8.0)
    mini_mime (1.0.0)
    mini_portile2 (2.3.0)
    minitest (5.10.3)
    multi_json (1.12.2)
    multi_xml (0.6.0)
    multipart-post (2.0.0)
    mustermann (1.0.1)
    newrelic_rpm (4.6.0.338)
    nio4r (2.1.0)
    nokogiri (1.8.1)
      mini_portile2 (~> 2.3.0)
    oauth (0.5.3)
    oauth2 (1.4.0)
      faraday (>= 0.8, < 0.13)
      jwt (~> 1.0)
      multi_json (~> 1.3)
      multi_xml (~> 0.5)
      rack (>= 1.2, < 3)
    omniauth (1.6.1)
      hashie (>= 3.4.6, < 3.6.0)
      rack (>= 1.6.2, < 3)
    omniauth-facebook (4.0.0)
      omniauth-oauth2 (~> 1.2)
    omniauth-google-oauth2 (0.5.2)
      jwt (~> 1.5)
      multi_json (~> 1.3)
      omniauth (>= 1.1.1)
      omniauth-oauth2 (>= 1.3.1)
    omniauth-oauth (1.1.0)
      oauth
      omniauth (~> 1.0)
    omniauth-oauth2 (1.4.0)
      oauth2 (~> 1.0)
      omniauth (~> 1.2)
    omniauth-twitter (1.4.0)
      omniauth-oauth (~> 1.1)
      rack
    orm_adapter (0.5.0)
    paper_trail (8.0.1)
      activerecord (>= 4.2, < 5.2)
      request_store (~> 1.1)
    passenger (5.1.12)
      rack
      rake (>= 0.8.1)
    pg (0.21.0)
    premailer (1.11.1)
      addressable
      css_parser (>= 1.6.0)
      htmlentities (>= 4.0.0)
    premailer-rails (1.9.7)
      actionmailer (>= 3, < 6)
      premailer (~> 1.7, >= 1.7.9)
    public_suffix (3.0.1)
    puma (3.11.0)
    rack (2.0.3)
    rack-cors (1.0.2)
    rack-protection (2.0.0)
      rack
    rack-test (0.8.2)
      rack (>= 1.0, < 3)
    rails (5.1.4)
      actioncable (= 5.1.4)
      actionmailer (= 5.1.4)
      actionpack (= 5.1.4)
      actionview (= 5.1.4)
      activejob (= 5.1.4)
      activemodel (= 5.1.4)
      activerecord (= 5.1.4)
      activesupport (= 5.1.4)
      bundler (>= 1.3.0)
      railties (= 5.1.4)
      sprockets-rails (>= 2.0.0)
    rails-dom-testing (2.0.3)
      activesupport (>= 4.2.0)
      nokogiri (>= 1.6)
    rails-html-sanitizer (1.0.3)
      loofah (~> 2.0)
    rails-i18n (5.0.4)
      i18n (~> 0.7)
      railties (~> 5.0)
    railties (5.1.4)
      actionpack (= 5.1.4)
      activesupport (= 5.1.4)
      method_source
      rake (>= 0.8.7)
      thor (>= 0.18.1, < 2.0)
    rake (12.3.0)
    rb-fsevent (0.10.2)
    rb-inotify (0.9.10)
      ffi (>= 0.5.0, < 2)
    rectify (0.10.0)
      activemodel (>= 4.1.0)
      activerecord (>= 4.1.0)
      activesupport (>= 4.1.0)
      virtus (~> 1.0.5)
      wisper (>= 1.6.1)
    redis (3.3.5)
    request_store (1.3.2)
    responders (2.4.0)
      actionpack (>= 4.2.0, < 5.3)
      railties (>= 4.2.0, < 5.3)
    ruby-ole (1.2.12.1)
    ruby_dep (1.5.0)
    ruby_http_client (3.3.0)
    rubyzip (1.2.1)
    sass (3.4.25)
    sassc (1.11.4)
      bundler
      ffi (~> 1.9.6)
      sass (>= 3.3.0)
    sassc-rails (1.3.0)
      railties (>= 4.0.0)
      sass
      sassc (~> 1.9)
      sprockets (> 2.11)
      sprockets-rails
      tilt
    searchlight (4.1.0)
    select2-rails (4.0.3)
      thor (~> 0.14)
    sendgrid-ruby (5.2.0)
      ruby_http_client (~> 3.2)
      sinatra (>= 1.4.7, < 3)
    sentry-raven (2.7.1)
      faraday (>= 0.7.6, < 1.0)
    sidekiq (5.0.5)
      concurrent-ruby (~> 1.0)
      connection_pool (~> 2.2, >= 2.2.0)
      rack-protection (>= 1.5.0)
      redis (>= 3.3.4, < 5)
    sinatra (2.0.0)
      mustermann (~> 1.0)
      rack (~> 2.0)
      rack-protection (= 2.0.0)
      tilt (~> 2.0)
    social-share-button (1.0.0)
      coffee-rails
    spreadsheet (1.1.5)
      ruby-ole (>= 1.0)
    spring (2.0.2)
      activesupport (>= 4.2)
    spring-watcher-listen (2.0.1)
      listen (>= 2.7, < 4.0)
      spring (>= 1.2, < 3.0)
    sprockets (3.7.1)
      concurrent-ruby (~> 1.0)
      rack (> 1, < 3)
    sprockets-es6 (0.9.2)
      babel-source (>= 5.8.11)
      babel-transpiler
      sprockets (>= 3.0.0)
    sprockets-rails (3.2.1)
      actionpack (>= 4.0)
      activesupport (>= 4.0)
      sprockets (>= 3.0.0)
    thor (0.20.0)
    thread_safe (0.3.6)
    tilt (2.0.8)
    truncato (0.7.10)
      htmlentities (~> 4.3.1)
      nokogiri (~> 1.8.0, >= 1.7.0)
    tzinfo (1.2.4)
      thread_safe (~> 0.1)
    uglifier (4.0.0)
      execjs (>= 0.3.0, < 3)
    valid_email2 (2.1.1)
      activemodel (>= 3.2)
      mail (~> 2.5)
    virtus (1.0.5)
      axiom-types (~> 0.1)
      coercible (~> 1.0)
      descendants_tracker (~> 0.0, >= 0.0.3)
      equalizer (~> 0.0, >= 0.0.9)
    warden (1.2.7)
      rack (>= 1.0)
    web-console (3.5.1)
      actionview (>= 5.0)
      activemodel (>= 5.0)
      bindex (>= 0.4.0)
      railties (>= 5.0)
    websocket-driver (0.6.5)
      websocket-extensions (>= 0.1.0)
    websocket-extensions (0.1.3)
    wisper (2.0.0)

PLATFORMS
  ruby

DEPENDENCIES
  byebug
  dalli
  decidim!
  faker (~> 1.8.4)
  fog-aws
  letter_opener_web (~> 1.3.0)
  listen (~> 3.1.0)
  lograge
  newrelic_rpm
  passenger
  puma (~> 3.0)
  sendgrid-ruby
  sentry-raven
  sidekiq
  spring
  spring-watcher-listen (~> 2.0.0)
  uglifier (>= 1.3.0)
  web-console

RUBY VERSION
   ruby 2.4.0p0

BUNDLED WITH
   1.16.0
